PATH
  remote: .
  specs:
    rosette-extractor-json (1.0.0)
      json-stream (~> 0.2)

PATH
  remote: ~/workspace/rosette-core
  specs:
    rosette-core (1.0.0)
      activesupport (~> 3.2.0)
      progress-reporters (~> 1.0.0)

GEM
  remote: https://rubygems.org/
  specs:
    activesupport (3.2.21)
      i18n (~> 0.6, >= 0.6.4)
      multi_json (~> 1.0)
    axiom-types (0.1.1)
      descendants_tracker (~> 0.0.4)
      ice_nine (~> 0.11.0)
      thread_safe (~> 0.3, >= 0.3.1)
    coderay (1.1.0)
    coercible (1.0.0)
      descendants_tracker (~> 0.0.1)
    descendants_tracker (0.0.4)
      thread_safe (~> 0.3, >= 0.3.1)
    diff-lcs (1.2.5)
    equalizer (0.0.9)
    ffi (1.9.6-java)
    i18n (0.6.11)
    ice_nine (0.11.1)
    jar-dependencies (0.1.7)
    jbundler (0.7.1)
      bundler (~> 1.5)
      jar-dependencies (~> 0.1.7)
      maven-tools (~> 1.0.6)
      ruby-maven (>= 3.1.1.0.6, < 3.1.2)
    json-stream (0.2.1)
    maven-tools (1.0.7)
      virtus (~> 1.0)
    method_source (0.8.2)
    multi_json (1.10.1)
    progress-reporters (1.0.0)
    pry (0.10.1-java)
      coderay (~> 1.1.0)
      method_source (~> 0.8.1)
      slop (~> 3.4)
      spoon (~> 0.0)
    pry-nav (0.2.4)
      pry (>= 0.9.10, < 0.11.0)
    rake (10.4.2)
    rr (1.1.2)
    rspec (3.1.0)
      rspec-core (~> 3.1.0)
      rspec-expectations (~> 3.1.0)
      rspec-mocks (~> 3.1.0)
    rspec-core (3.1.7)
      rspec-support (~> 3.1.0)
    rspec-expectations (3.1.2)
      diff-lcs (>= 1.2.0, < 2.0)
      rspec-support (~> 3.1.0)
    rspec-mocks (3.1.3)
      rspec-support (~> 3.1.0)
    rspec-support (3.1.2)
    ruby-maven (3.1.1.0.8)
      maven-tools (~> 1.0.1)
      ruby-maven-libs (= 3.1.1)
    ruby-maven-libs (3.1.1)
    slop (3.6.0)
    spoon (0.0.4)
      ffi
    thread_safe (0.3.4-java)
    virtus (1.0.3)
      axiom-types (~> 0.1)
      coercible (~> 1.0)
      descendants_tracker (~> 0.0, >= 0.0.3)
      equalizer (~> 0.0, >= 0.0.9)

PLATFORMS
  java

DEPENDENCIES
  jbundler
  pry-nav
  rake
  rosette-core!
  rosette-extractor-json!
  rr
  rspec
